GIT
  remote: https://github.com/betacraft/ruby-vernac-parser
  revision: aee855a404e6d6ae8a98de2ca00280c8f414b5ef
  branch: deprecated
  specs:
    ruby-vernac-parser (0.0.1)

PATH
  remote: .
  specs:
    rubyvernac-hindi (0.0.1)

GEM
  remote: https://rubygems.org/
  specs:
    coderay (1.1.3)
    method_source (1.0.0)
    pry (0.14.1)
      coderay (~> 1.1)
      method_source (~> 1.0)
    rake (10.3.2)
    yaml (0.2.0)

PLATFORMS
  ruby
  x86_64-linux

DEPENDENCIES
  pry (~> 0.14.1)
  rake (~> 10.3.2)
  ruby-vernac-parser!
  rubyvernac-hindi!
  yaml (~> 0.2.0)

BUNDLED WITH
   2.3.25
